GEM
  remote: https://rubygems.org/
  specs:
    activesupport (7.0.4.3)
      concurrent-ruby (~> 1.0, >= 1.0.2)
      i18n (>= 1.6, < 2)
      minitest (>= 5.1)
      tzinfo (~> 2.0)
    concurrent-ruby (1.2.2)
    daemons (1.4.1)
    eventmachine (1.2.7)
    i18n (1.12.0)
      concurrent-ruby (~> 1.0)
    minitest (5.18.0)
    nio4r (2.5.9)
    puma (5.6.5)
      nio4r (~> 2.0)
    rack (2.2.6.4)
    rackup (1.0.0)
      rack (< 3)
      webrick
    thin (1.8.2)
      daemons (~> 1.0, >= 1.0.9)
      eventmachine (~> 1.0, >= 1.0.4)
      rack (>= 1, < 3)
    tzinfo (2.0.6)
      concurrent-ruby (~> 1.0)
    webrick (1.7.0)

PLATFORMS
  x86_64-linux

DEPENDENCIES
  activesupport (~> 7.0.4)
  puma (~> 5.6.5)
  rack (~> 2.2)
  rackup (~> 1.0)
  thin (~> 1.8.1)
  webrick (~> 1.7.0)

RUBY VERSION
   ruby 3.2.2p53

BUNDLED WITH
   2.4.12
